GEM
  remote: https://rubygems.org/
  specs:
    cpf_cnpj (0.5.0)

PLATFORMS
  arm64-darwin-21

DEPENDENCIES
  cpf_cnpj

BUNDLED WITH
   2.4.8
